GEM
  remote: https://rubygems.org/
  specs:
    google-protobuf (3.20.0)
    googleapis-common-protos-types (1.3.0)
      google-protobuf (~> 3.14)
    grpc (1.45.0)
      google-protobuf (~> 3.19)
      googleapis-common-protos-types (~> 1.0)
    protosum (0.9.9)
      google-protobuf (~> 3.14)
      grpc (~> 1.28)

PLATFORMS
  ruby

DEPENDENCIES
  grpc (~> 1.45)
  protosum (~> 0.9.9)

BUNDLED WITH
   2.3.3
